PATH
  remote: .
  specs:
    ruke (0.1.0)

GEM
  remote: https://rubygems.org/
  specs:
    rake (13.0.6)

PLATFORMS
  ruby

DEPENDENCIES
  rake (~> 13.0)
  ruke!

BUNDLED WITH
   2.1.4
